GEM
  remote: https://rubygems.org/
  specs:
    activesupport (5.0.0)
      concurrent-ruby (~> 1.0, >= 1.0.2)
      i18n (~> 0.7)
      minitest (~> 5.1)
      tzinfo (~> 1.1)
    backports (3.6.8)
    bullet (5.0.0)
      activesupport (>= 3.0.0)
      uniform_notifier (~> 1.9.0)
    concurrent-ruby (1.0.2)
    erubis (2.7.0)
    foreman (0.82.0)
      thor (~> 0.19.1)
    i18n (0.7.0)
    kgio (2.10.0)
    minitest (5.9.0)
    multi_json (1.12.1)
    mysql2 (0.4.4)
    mysql2-cs-bind (0.0.6)
      mysql2
    rack (1.6.4)
    rack-protection (1.5.3)
      rack
    rack-test (0.6.3)
      rack (>= 1.0)
    raindrops (0.17.0)
    sinatra (1.4.7)
      rack (~> 1.5)
      rack-protection (~> 1.4)
      tilt (>= 1.3, < 3)
    sinatra-contrib (1.4.7)
      backports (>= 2.0)
      multi_json
      rack-protection
      rack-test
      sinatra (~> 1.4.0)
      tilt (>= 1.3, < 3)
    thor (0.19.1)
    thread_safe (0.3.5)
    tilt (2.0.5)
    tzinfo (1.2.2)
      thread_safe (~> 0.1)
    unicorn (5.1.0)
      kgio (~> 2.6)
      raindrops (~> 0.7)
    uniform_notifier (1.9.0)

PLATFORMS
  ruby

DEPENDENCIES
  bullet
  erubis
  foreman
  mysql2
  mysql2-cs-bind
  sinatra
  sinatra-contrib
  unicorn

RUBY VERSION
   ruby 2.3.1p112

BUNDLED WITH
   1.14.6
